GEM
  remote: http://rubygems.org/
  specs:
    capistrano (2.9.0)
      highline
      net-scp (>= 1.0.0)
      net-sftp (>= 2.0.0)
      net-ssh (>= 2.0.14)
      net-ssh-gateway (>= 1.1.0)
    etsy (0.2.0)
      json (~> 1.4.0)
      oauth (~> 0.4.0)
    highline (1.6.11)
    json (1.4.6)
    net-scp (1.0.4)
      net-ssh (>= 1.99.1)
    net-sftp (2.0.5)
      net-ssh (>= 2.0.9)
    net-ssh (2.3.0)
    net-ssh-gateway (1.1.0)
      net-ssh (>= 1.99.1)
    oauth (0.4.5)
    rmagick (2.13.1)
    tilt (1.3.3)
    webrick (1.3.1)

PLATFORMS
  ruby

DEPENDENCIES
  capistrano
  etsy
  rmagick
  tilt
  webrick
