GEM
  remote: http://rubygems.org/
  specs:
    etsy (0.2.0)
      json (~> 1.4.0)
      oauth (~> 0.4.0)
    json (1.4.6)
    oauth (0.4.5)
    rmagick (2.13.1)
    tilt (1.3.3)
    webrick (1.3.1)

PLATFORMS
  ruby

DEPENDENCIES
  etsy
  rmagick
  tilt
  webrick
